RESTRICTION: >= net461
NUGET
  remote: https://www.nuget.org/api/v2
    FAKE (5.8.4)
    FParsec (1.0.3)
      FSharp.Core (>= 4.0.0.1)
    FSharp.Core (4.5.4)
    Fuchu (1.0.3)
      FSharp.Core (>= 3.1.2.1)
